GIT
  remote: git://github.com/ncbo/goo.git
  revision: 10519e6cb5f8f6bd19f224e616eff293748fc3f3
  branch: staging
  specs:
    goo (0.0.2)
      addressable (= 2.3.5)
      pry
      rdf (= 1.0.8)
      redis
      rest-client
      rsolr
      sparql-client
      systemu
      uuid

GIT
  remote: git://github.com/ncbo/ncbo_annotator.git
  revision: 1a9389c1d5f8c537ffdcd14333b300717d97af15
  branch: staging
  specs:
    ncbo_annotator (0.0.1)
      goo
      ontologies_linked_data
      redis
      ruby-xxHash

GIT
  remote: git://github.com/ncbo/ontologies_linked_data.git
  revision: dd7a4eb071815c25e67eb397ae96c76b96b9ffa4
  branch: staging
  specs:
    ontologies_linked_data (0.0.1)
      activesupport
      bcrypt
      goo
      json
      libxml-ruby
      multi_json
      ncbo_resource_index
      oj
      pony
      rack
      rack-test
      rsolr
      rubyzip

GIT
  remote: git://github.com/ncbo/resource_index.git
  revision: cadb052f3b00993331b993ffcb1dc1b2aad11c42
  specs:
    ncbo_resource_index (0.0.1)
      elasticsearch
      mysql2
      pony
      ref
      ruby-xxHash
      sequel
      typhoeus

GIT
  remote: git://github.com/ncbo/sparql-client.git
  revision: a0076dedc65d6620b88223c7f69dbe5c5ada3b56
  branch: staging
  specs:
    sparql-client (1.0.4.1)
      json_pure (>= 1.4)
      net-http-persistent (>= 1.4)
      rdf (>= 1.0)

GEM
  remote: https://rubygems.org/
  specs:
    activesupport (4.0.13)
      i18n (~> 0.6, >= 0.6.9)
      minitest (~> 4.2)
      multi_json (~> 1.3)
      thread_safe (~> 0.1)
      tzinfo (~> 0.3.37)
    addressable (2.3.5)
    bcrypt (3.1.11)
    builder (3.2.2)
    coderay (1.1.1)
    cube-ruby (0.0.3)
    domain_name (0.5.20160615)
      unf (>= 0.0.5, < 1.0.0)
    elasticsearch (2.0.0)
      elasticsearch-api (= 2.0.0)
      elasticsearch-transport (= 2.0.0)
    elasticsearch-api (2.0.0)
      multi_json
    elasticsearch-transport (2.0.0)
      faraday
      multi_json
    ethon (0.9.0)
      ffi (>= 1.3.0)
    faraday (0.9.2)
      multipart-post (>= 1.2, < 3)
    ffi (1.9.14)
    http-cookie (1.0.2)
      domain_name (~> 0.5)
    i18n (0.7.0)
    json (2.0.2)
    json_pure (2.0.2)
    libxml-ruby (2.9.0)
    macaddr (1.7.1)
      systemu (~> 2.6.2)
    mail (2.6.4)
      mime-types (>= 1.16, < 4)
    method_source (0.8.2)
    mime-types (3.1)
      mime-types-data (~> 3.2015)
    mime-types-data (3.2016.0521)
    minitest (4.7.5)
    multi_json (1.12.1)
    multipart-post (2.0.0)
    mysql2 (0.4.4)
    net-http-persistent (2.9.4)
    netrc (0.11.0)
    oj (2.17.1)
    pony (1.11)
      mail (>= 2.0)
    pry (0.10.4)
      coderay (~> 1.1.0)
      method_source (~> 0.8.1)
      slop (~> 3.4)
    rack (2.0.1)
    rack-test (0.6.3)
      rack (>= 1.0)
    rake (10.5.0)
    rdf (1.0.8)
      addressable (>= 2.2)
    redis (3.3.1)
    ref (2.0.0)
    rest-client (2.0.0)
      http-cookie (>= 1.0.2, < 2.0)
      mime-types (>= 1.16, < 4.0)
      netrc (~> 0.8)
    rsolr (1.1.1)
      builder (>= 2.1.2)
    ruby-xxHash (0.4.0.1)
    rubyzip (1.2.0)
    sequel (4.37.0)
    slop (3.6.0)
    systemu (2.6.5)
    test-unit-minitest (0.9.1)
      minitest (~> 4.7)
    thread_safe (0.3.5)
    typhoeus (1.1.0)
      ethon (>= 0.9.0)
    tzinfo (0.3.51)
    unf (0.1.4)
      unf_ext
    unf_ext (0.0.7.2)
    uuid (2.3.8)
      macaddr (~> 1.0)

PLATFORMS
  ruby

DEPENDENCIES
  cube-ruby
  goo!
  minitest (~> 4.0)
  ncbo_annotator!
  ncbo_resource_index!
  ontologies_linked_data!
  pry
  rake (~> 10.0)
  redis (~> 3.0)
  sparql-client!
  test-unit-minitest

BUNDLED WITH
   1.12.5
