GIT
  remote: git://github.com/ncbo/goo.git
  revision: 40b8c83bb586f850016cf1f719a27361d5402993
  branch: master
  specs:
    goo (0.0.2)
      addressable (= 2.3.5)
      pry
      rdf (= 1.0.8)
      redis
      rest-client
      rsolr
      sparql-client
      systemu
      uuid

GIT
  remote: git://github.com/ncbo/ncbo_annotator.git
  revision: 9ba0418b6ce1d69d96db7c36f642d6368e7e1a5f
  branch: master
  specs:
    ncbo_annotator (0.0.1)
      goo
      ontologies_linked_data
      redis
      ruby-xxHash

GIT
  remote: git://github.com/ncbo/ontologies_linked_data.git
  revision: 66ad337b91795ef9321c8a971c04dbfbbb0ca0bd
  branch: master
  specs:
    ontologies_linked_data (0.0.1)
      activesupport
      bcrypt
      goo
      json
      libxml-ruby
      multi_json
      ncbo_resource_index
      oj
      pony
      rack
      rack-test
      rsolr
      rubyzip

GIT
  remote: git://github.com/ncbo/resource_index.git
  revision: d43bd6a6c8b014ebd69eabeda843740b66560ebb
  specs:
    ncbo_resource_index (0.0.1)
      elasticsearch
      mysql2
      pony
      ref
      ruby-xxHash
      sequel
      typhoeus

GIT
  remote: git://github.com/ncbo/sparql-client.git
  revision: 962e5af6615045a437d79fe27a7301df69d31012
  branch: master
  specs:
    sparql-client (1.0.4.1)
      json_pure (>= 1.4)
      net-http-persistent (>= 1.4)
      rdf (>= 1.0)

GEM
  remote: https://rubygems.org/
  specs:
    activesupport (4.0.13)
      i18n (~> 0.6, >= 0.6.9)
      minitest (~> 4.2)
      multi_json (~> 1.3)
      thread_safe (~> 0.1)
      tzinfo (~> 0.3.37)
    addressable (2.3.5)
    bcrypt (3.1.10)
    builder (3.2.2)
    coderay (1.1.0)
    cube-ruby (0.0.3)
    domain_name (0.5.25)
      unf (>= 0.0.5, < 1.0.0)
    elasticsearch (1.0.14)
      elasticsearch-api (= 1.0.14)
      elasticsearch-transport (= 1.0.14)
    elasticsearch-api (1.0.14)
      multi_json
    elasticsearch-transport (1.0.14)
      faraday
      multi_json
    ethon (0.8.0)
      ffi (>= 1.3.0)
    faraday (0.9.2)
      multipart-post (>= 1.2, < 3)
    ffi (1.9.10)
    http-cookie (1.0.2)
      domain_name (~> 0.5)
    i18n (0.7.0)
    json (1.8.3)
    json_pure (1.8.3)
    libxml-ruby (2.8.0)
    macaddr (1.7.1)
      systemu (~> 2.6.2)
    mail (2.6.3)
      mime-types (>= 1.16, < 3)
    method_source (0.8.2)
    mime-types (2.6.2)
    minitest (4.7.5)
    multi_json (1.11.2)
    multipart-post (2.0.0)
    mysql2 (0.4.1)
    net-http-persistent (2.9.4)
    netrc (0.11.0)
    oj (2.13.0)
    pony (1.11)
      mail (>= 2.0)
    pry (0.10.3)
      coderay (~> 1.1.0)
      method_source (~> 0.8.1)
      slop (~> 3.4)
    rack (1.6.4)
    rack-test (0.6.3)
      rack (>= 1.0)
    rake (10.4.2)
    rdf (1.0.8)
      addressable (>= 2.2)
    redis (3.2.1)
    ref (2.0.0)
    rest-client (1.8.0)
      http-cookie (>= 1.0.2, < 2.0)
      mime-types (>= 1.16, < 3.0)
      netrc (~> 0.7)
    rsolr (1.0.13)
      builder (>= 2.1.2)
    ruby-xxHash (0.4.0.1)
    rubyzip (1.1.7)
    sequel (4.28.0)
    slop (3.6.0)
    systemu (2.6.5)
    thread_safe (0.3.5)
    typhoeus (0.8.0)
      ethon (>= 0.8.0)
    tzinfo (0.3.45)
    unf (0.1.4)
      unf_ext
    unf_ext (0.0.7.1)
    uuid (2.3.8)
      macaddr (~> 1.0)

PLATFORMS
  ruby

DEPENDENCIES
  cube-ruby
  goo!
  minitest (~> 4.0)
  ncbo_annotator!
  ncbo_resource_index!
  ontologies_linked_data!
  pry
  rake (~> 10.0)
  redis (~> 3.0)
  sparql-client!
